GEM
  remote: https://rubygems.org/
  specs:
    ruby_http_client (3.0.1)
    sendgrid-ruby (4.0.7)
      ruby_http_client (~> 3.0.1)

PLATFORMS
  ruby

DEPENDENCIES
  sendgrid-ruby

BUNDLED WITH
   1.14.3
