GEM
  remote: https://rubygems.org/
  specs:
    pdf-toolkit (1.1.0)

PLATFORMS
  ruby

DEPENDENCIES
  pdf-toolkit

BUNDLED WITH
   1.14.3
